PATH
  remote: .
  specs:
    mini-rails (0.0.1)
      rack (~> 2.x)

GEM
  remote: https://rubygems.org/
  specs:
    daemons (1.3.1)
    eventmachine (1.2.7)
    ffi (1.12.2)
    listen (3.1.1)
      rb-fsevent (>= 0.9.3)
      rb-inotify (>= 0.9.7)
    minitest (5.14.0)
    rack (2.2.2)
    rake (10.5.0)
    rb-fsevent (0.10.3)
    rb-inotify (0.10.1)
      ffi (~> 1.0)
    rerun (0.13.0)
      listen (~> 3.0)
    sqlite3 (1.4.2)
    thin (1.7.2)
      daemons (~> 1.0, >= 1.0.9)
      eventmachine (~> 1.0, >= 1.0.4)
      rack (>= 1, < 3)

PLATFORMS
  ruby

DEPENDENCIES
  bundler (~> 2.1)
  listen (= 3.1.1)
  mini-rails!
  minitest (~> 5.0)
  rake (~> 10.0)
  rerun
  sqlite3
  thin

BUNDLED WITH
   2.1.4
